GIT
  remote: git://github.com/rusnet/velik-slack.git
  revision: 766af27c957e113966e3f1e4b889065dae2739e7
  ref: 766af27
  specs:
    velik-slack (0.0.1)
      slack-ruby-client (= 0.3.0)

GEM
  remote: https://rubygems.org/
  specs:
    camertron-eprun (1.1.0)
    cldr-plurals-runtime-rb (1.0.0)
    eventmachine (1.2.0.1)
    faraday (0.9.2)
      multipart-post (>= 1.2, < 3)
    faraday_middleware (0.10.0)
      faraday (>= 0.7.4, < 0.10)
    faye-websocket (0.10.3)
      eventmachine (>= 0.12.0)
      websocket-driver (>= 0.5.1)
    json (1.7.7)
    mini_portile2 (2.0.0)
    mll (2.2.2)
    multipart-post (2.0.0)
    nokogiri (1.6.7.2)
      mini_portile2 (~> 2.0.0.rc2)
    slack-ruby-client (0.3.0)
      eventmachine
      faraday
      faraday_middleware
      faye-websocket
    thread_safe (0.3.5)
    twitter_cldr (3.2.1)
      camertron-eprun
      cldr-plurals-runtime-rb (~> 1.0.0)
      json
      tzinfo
    tzinfo (1.2.2)
      thread_safe (~> 0.1)
    websocket-driver (0.6.3)
      websocket-extensions (>= 0.1.0)
    websocket-extensions (0.1.2)

PLATFORMS
  ruby

DEPENDENCIES
  json
  mll
  nokogiri
  twitter_cldr (= 3.2.1)
  velik-slack!

BUNDLED WITH
   1.12.3
